PATH
  remote: .
  specs:
    objective_form (0.0.1)

GEM
  remote: http://rubygems.org/
  specs:

PLATFORMS
  ruby

DEPENDENCIES
  objective_form!
